GEM
  remote: https://rubygems.org/
  specs:
    childprocess (0.3.6)
      ffi (~> 1.0, >= 1.0.6)
    ffi (1.2.0)
    libwebsocket (0.1.6.1)
      websocket
    multi_json (1.3.7)
    rubyzip (0.9.9)
    selenium-webdriver (2.26.0)
      childprocess (>= 0.2.5)
      libwebsocket (~> 0.1.3)
      multi_json (~> 1.0)
      rubyzip
    websocket (1.0.4)

PLATFORMS
  ruby

DEPENDENCIES
  selenium-webdriver
